GEM
  remote: https://rubygems.org/
  specs:
    addressable (2.8.7)
    bigdecimal (3.2.3)
    colorator (1.1.0)
    concurrent-ruby (1.3.5)
    csv (3.2.6)
    eventmachine (1.2.7)
    ffi (1.17.2)
    forwardable-extended (2.6.0)
    i18n (1.14.7)
    jekyll (4.3.4)
      addressable (~> 2.8)
      concurrent-ruby (~> 1.0)
      i18n (~> 1.0)
      jekyll-sass-converter (~> 3.0)
      kramdown (~> 2.5)
      kramdown-parser-gfm (~> 1.0)
      liquid (~> 4.0)
      pathutil (~> 0.16)
      rouge (~> 4.0)
      safe_yaml (~> 1.0)
      sassc (~> 2.4)
      webrick (~> 1.7)
    jekyll-theme-architect (0.2.0)
      jekyll (~> 4.0)
    jekyll-sass-converter (3.1.0)
      sassc (~> 2.4)
    kramdown (2.5.1)
    kramdown-parser-gfm (1.1.0)
    liquid (4.0.4)
    pathutil (0.16.2)
    rouge (4.6.0)
    safe_yaml (1.0.5)
    sassc (2.4.0)
    webrick (1.9.1)

PLATFORMS
  ruby

DEPENDENCIES
  jekyll (~> 4.3)
  jekyll-theme-architect (~> 0.2.0)
  csv
  logger

BUNDLED WITH
   2.7.2
